GEM
  remote: https://rubygems.org/
  specs:
    minitest (5.23.0)
    puts_utils (0.1.0)

PLATFORMS
  ruby
  x86_64-linux

DEPENDENCIES
  minitest
  puts_utils

BUNDLED WITH
   2.5.10
